{
    "TaskName": "AVR",
    "SamplingFrequency": 500,
    "PowerLineFrequency": 50,
    "SoftwareFilters": "n/a",
    "TaskDescription": "VR task with head movement; continuous rating of valence and arousal duringsequence of stereoscopic 360 videos",
    "CapManufacturer": "EasyCap",
    "CapManufacturersModelName": "actiCAP snap 64 channels",
    "Manufacturer": "Brain Products",
    "ManufacturersModelName": "LiveAmp 64",
    "EEGChannelCount": 60,
    "ECGChannelCount": 1,
    "EOGChannelCount": 4,
    "RESPChannelCount": 1,
    "PPGChannelCount": 1,
    "GSRChannelCount": 1,
    "MiscChannelCount": 0,
    "EEGReference": "Cz",
    "RecordingDuration": 2594.596,
    "RecordingType": "continuous",
    "EEGGround": "AFz",
    "EEGPlacementScheme": "10-20",
    "HardwareFilters": "n/a",
    "InstitutionName": "Max Planck Institute for Human Brain and Cognitive Sciences",
    "InstitutionAddress": "Stephanstrasse 1a, 04103 Leipzig, Germany",
    "InstitutionalDepartmentName": "Department of Neurology"
}